GEM
  remote: http://rubygems.org/
  specs:
    activesupport (3.1.1)
      multi_json (~> 1.0)
    multi_json (1.0.3)
    nokogiri (1.5.0)
    rack (1.3.5)
    rack-contrib (1.1.0)
      rack (>= 0.9.1)
    rack-rewrite (1.2.1)

PLATFORMS
  ruby

DEPENDENCIES
  activesupport
  nokogiri
  rack
  rack-contrib
  rack-rewrite
